NUGET
  remote: https://nuget.org/api/v2
  specs:
    FAKE (3.31.0)
    FSharpLint (0.1.16)
    FunScript (1.1.93)
