NUGET
  remote: https://www.nuget.org/api/v2
    FAKE (4.55)
    FantomasCLI (2.5)
    FunScript (1.1.94)
GIT
  remote: https://github.com/ionide/ionide-helpers.git
     (4b14b4667c8f2c866a96adb50f953f02df874085)
      build: build.cmd
      os: windows
     (4b14b4667c8f2c866a96adb50f953f02df874085)
      build: build.sh
      os: mono
  remote: https://github.com/ionide/ionide-fsgrammar.git
     (4f7e4e4568d6710b0250c4d9bde26915875aee90)
  remote: https://github.com/ionide/FsAutoComplete.git
     (b3fd0b32fb3fdc5af24a39561134d54ab4eb512a)
      build: build.cmd LocalRelease
      os: windows
     (b3fd0b32fb3fdc5af24a39561134d54ab4eb512a)
      build: build.sh LocalRelease
      os: mono